GEM
  remote: https://rubygems.org/
  specs:
    date (3.3.1)
    optparse (0.3.1)
    sqlite3 (1.3.13)

PLATFORMS
  ruby

DEPENDENCIES
  date
  optparse
  sqlite3 (= 1.3.13)

BUNDLED WITH
   1.16.6
